GEM
  remote: https://rubygems.org/
  specs:
    activesupport (4.2.4)
      i18n (~> 0.7)
      json (~> 1.7, >= 1.7.7)
      minitest (~> 5.1)
      thread_safe (~> 0.3, >= 0.3.4)
      tzinfo (~> 1.1)
    addressable (2.8.0)
      public_suffix (>= 2.0.2, < 5.0)
    i18n (0.7.0)
    json (1.8.3)
    minitest (5.8.1)
    parallel (1.6.1)
    public_suffix (4.0.7)
    ruby-progressbar (1.7.5)
    thread_safe (0.3.5)
    tzinfo (1.2.2)
      thread_safe (~> 0.1)

PLATFORMS
  ruby

DEPENDENCIES
  activesupport
  addressable
  i18n
  parallel
  ruby-progressbar

BUNDLED WITH
   1.10.6
