GEM
  remote: https://rubygems.org/
  specs:
    activesupport (6.0.6.1)
      concurrent-ruby (~> 1.0, >= 1.0.2)
      i18n (>= 0.7, < 2)
      minitest (~> 5.1)
      tzinfo (~> 1.1)
      zeitwerk (~> 2.2, >= 2.2.2)
    addressable (2.3.8)
    concurrent-ruby (1.2.0)
    i18n (0.7.0)
    minitest (5.17.0)
    parallel (1.6.1)
    ruby-progressbar (1.7.5)
    thread_safe (0.3.6)
    tzinfo (1.2.11)
      thread_safe (~> 0.1)
    zeitwerk (2.6.6)

PLATFORMS
  ruby

DEPENDENCIES
  activesupport
  addressable
  i18n
  parallel
  ruby-progressbar

BUNDLED WITH
   1.10.6
